GEM
  remote: https://rubygems.org/
  specs:
    jwt (2.1.0)
    minitest (5.14.1)
    minitest-hooks (1.5.0)
      minitest (> 5.3)
    pg (1.2.3)
    rack (2.0.9)
    rack-jwt (0.5.0)
      jwt (~> 2.1.0)
      rack (~> 2.0.0)
    rack-ssl-enforcer (0.2.9)
    rack-test (1.1.0)
      rack (>= 1.0, < 3)
    rack-unreloader (1.7.0)
    rake (13.0.1)
    refrigerator (1.2.0)
    roda (3.34.0)
      rack
    sequel (5.34.0)
    sequel-annotate (1.5.0)
      sequel (>= 4)
    sequel_pg (1.13.0)
      pg (>= 0.18.0, != 1.2.0)
      sequel (>= 4.38.0)
    warning (1.1.0)

PLATFORMS
  ruby

DEPENDENCIES
  minitest (~> 5.14)
  minitest-hooks (~> 1.5)
  rack-jwt (~> 0.5)
  rack-ssl-enforcer (~> 0.2)
  rack-test (~> 1.1)
  rack-unreloader (~> 1.7)
  rake (~> 13.0)
  refrigerator (~> 1.2)
  roda (~> 3.34)
  sequel (~> 5.34)
  sequel-annotate (~> 1.5)
  sequel_pg (~> 1.13)
  warning (~> 1.1)

BUNDLED WITH
   2.1.4
